GEM
  remote: https://rubygems.org/
  specs:
    archive-tar-minitar (0.5.2)
    childprocess (0.3.9)
      ffi (~> 1.0, >= 1.0.11)
    class_loader (3.0.8)
    cluster_management (0.7.10)
      class_loader
      ruby_ext
      tilt
      vfs
      vos
    erubis (2.7.0)
    ffi (1.6.0)
    i18n (0.6.4)
    json (1.7.7)
    log4r (1.1.10)
    net-scp (1.0.4)
      net-ssh (>= 1.99.1)
    net-ssh (2.2.2)
    ruby_ext (4.0.3)
    tilt (1.3.7)
    vagrant (1.0.7)
      archive-tar-minitar (= 0.5.2)
      childprocess (~> 0.3.1)
      erubis (~> 2.7.0)
      i18n (~> 0.6.0)
      json (>= 1.5.1, < 1.8.0)
      log4r (~> 1.1.9)
      net-scp (~> 1.0.4)
      net-ssh (~> 2.2.2)
    vfs (0.4.8)
    vos (0.4.2)
      vfs

PLATFORMS
  ruby

DEPENDENCIES
  class_loader
  cluster_management
  vagrant
  vfs
  vos
